GEM
  remote: http://rubygems.org/
  specs:
    actionmailer (2.3.12)
      actionpack (= 2.3.12)
    actionpack (2.3.12)
      activesupport (= 2.3.12)
      rack (~> 1.1.0)
    activerecord (2.3.12)
      activesupport (= 2.3.12)
    activeresource (2.3.12)
      activesupport (= 2.3.12)
    activesupport (2.3.12)
    columnize (0.3.6)
    jnunemaker-matchy (0.4.0)
    linecache (0.46)
      rbx-require-relative (> 0.0.4)
    rack (1.1.3)
    rails (2.3.12)
      actionmailer (= 2.3.12)
      actionpack (= 2.3.12)
      activerecord (= 2.3.12)
      activeresource (= 2.3.12)
      activesupport (= 2.3.12)
      rake (>= 0.8.3)
    rake (0.9.2.2)
    rbx-require-relative (0.0.5)
    rcov (0.9.10)
    ruby-debug (0.10.4)
      columnize (>= 0.1)
      ruby-debug-base (~> 0.10.4.0)
    ruby-debug-base (0.10.4)
      linecache (>= 0.3)
    shoulda (2.11.3)
    sqlite3 (1.3.4)
    yard (0.7.2)

PLATFORMS
  ruby

DEPENDENCIES
  jnunemaker-matchy
  rails (~> 2.3)
  rcov
  ruby-debug
  shoulda
  sqlite3
  yard
